##TITLE= Parameter file, TopSpin 3.6.2
##JCAMPDX= 5.0
##DATATYPE= Parameter Values
##NPOINTS= 2777	$$ modification sequence number
##ORIGIN= Bruker BioSpin GmbH
##OWNER= nmrsu
$$ 2020-05-13 13:03:00.418 +0800  nmrsu@IVDR04
$$ C:/Bruker/TopSpin3.6.2/conf/instr/spect/specpar
$$ process C:\Bruker\TopSpin3.6.2\prog\mod\hconfserver.exe
##$ANCIEN= (0..7)
0 0 0 0 0 0 0 0
##$BF1= 100.13
##$BF2= 100.13
##$BF3= 100.13
##$DEC= 1
##$DECB= 1
##$DEF19F= yes
##$DEFRSEL= yes
##$HPMOD= (0..7)
0 0 0 0 0 0 0 0
##$HPPRECH= (0..15)
-1 -1 -1 -1 -1 -1 -1 -1 -1 -1 -1 -1 -1 -1 -1 -1
##$HPSELECT= no
##$LOCSW19F= -1
##$LOCSW2H= -1
##$NUC1= 1
##$NUC2= 0
##$NUC3= 0
##$NUC4= 0
##$NUC5= 0
##$NUC6= 0
##$NUC7= 0
##$NUC8= 0
##$NUCARR= (0..123)
600.21 600.21 92.135889439 640.207838345 457.23383185 88.327419781 233.264395974
84.340386807 64.484509682 192.571220345 150.922924542 43.373077266 60.818751115
81.36721056 564.761663423 47.382354022 158.76694899 36.742665434 156.395873404
119.244843093 242.969461558 46.0721196 58.808029609 48.951477023 28.008037383
15.373208741 40.394307061 145.801494669 33.837042821 33.846063978 59.842791649
157.872924191 33.926846242 148.787365358 19.433467334 142.412270855 53.635071707
159.148520493 170.481805755 37.553957286 144.058526843 183.044267078 20.937215462
102.771641489 114.469128177 31.317289216 150.376493358 162.095821688 23.09367996
57.94993338 196.391436953 26.012033026 29.411478416 55.797310226 146.908419957
39.115241545 39.93614276 135.097223485 27.640576817 30.979052875 19.125373539
27.46620981 24.29541442 27.930970419 127.337432508 133.205655668 131.240448086
131.521790521 196.381203373 213.868381744 223.822102327 143.633716212 77.782516356
157.073408458 189.364868515 120.086931721 166.919517391 49.480838234 78.724395898
59.62760436 66.700905149 79.19350803 84.783509846 183.784302 32.711445
20.167056 25.028757 20.647224 149.212206 65.903058 18.426447 24.188463
144.290484 20.647224 28.930122 128.084814 17.286048 49.757409 105.032584543
28.9361241 68.4479484 48.8030751 24.0504147 15.1072857 71.96277816 25.007071413
135.19490166 136.55737836 13.698778895 46.60870734 10.3116078 11.2299291
129.025847246 10.3776309 107.502544726 39.683382324 342.85915872 346.22416406
125.567527258 96.449473505 11.05226694 21.787623 100 100
##$NUCOFFS= (0..127)
<> <> <> <> <> <> <> <> <> <> <> <> <> <> <> <> <> <> <> <> <> <> <> <>
<> <> <> <> <> <> <> <> <> <> <> <> <> <> <> <> <> <> <> <> <> <> <> <>
<> <> <> <> <> <> <> <> <> <> <> <> <> <> <> <> <> <> <> <> <> <> <> <>
<> <> <> <> <> <> <> <> <> <> <> <> <> <> <> <> <> <> <> <> <> <> <> <>
<> <> <> <> <> <> <> <> <> <> <> <> <> <> <> <> <> <> <> <> <> <> <> <>
<> <> <> <> <> <> <> <>
##$OBS= 1
##$OFFS= (0..127)
0 0 0 0 0 0 0 0 0 0 0 0 0 0 0 0 0 0 0 0 0 0 0 0 0 0 0 0 0 0 0 0 0 0 0 0
0 0 0 0 0 0 0 0 0 0 0 0 0 0 0 0 0 0 0 0 0 0 0 0 0 0 0 0 0 0 0 0 0 0 0 0
0 0 0 0 0 0 0 0 0 0 0 0 0 0 0 0 0 0 0 0 0 0 0 0 0 0 0 0 0 0 0 0 0 0 0 0
0 0 0 0 0 0 0 0 0 0 0 0 0 0 0 0 0 0 0 0
##$OFFSF= (0..7)
0 0 0 0 0 0 0 0
##$OFFSH= (0..7)
0 0 0 0 0 0 0 0
##$OFFSX= (0..7)
0 0 0 0 0 0 0 0
##$OFFSXAS= (0..7)
0 0 0 0 0 0 0 0
##$OFSF1= 0
##$OFSF2= 0
##$OFSH1= 0
##$OFSH2= 0
##$OFSH3= 0
##$OFSX1= 0
##$OFSX2= 0
##$OFSY= 0
##$PACOIL= (0..15)
0 0 0 0 0 0 0 0 0 0 0 0 0 0 0 0
##$PRECHAN= (0..15)
-1 2 -1 0 1 -1 -1 -1 -1 -1 -1 -1 -1 -1 -1 -1
##$RECPRE= (0..15)
-1 0 -1 -1 -1 -1 -1 -1 -1 -1 -1 -1 -1 -1 -1 -1
##$RECPRFX= (0..15)
1 0 0 0 0 0 0 0 0 0 0 0 0 0 0 0
##$RECSEL= (0..15)
0 0 1 0 0 0 0 0 0 0 0 0 0 0 0 0
##$SELREC= (0..9)
0 0 0 0 0 0 0 0 0 0
##$SFO1= 600.21282
##$SFO2= 600.21282
##$SFO3= 600.21282
##$SFO4= 600.21282
##$SFO5= 600.21282
##$SFO6= 600.21282
##$SFO7= 600.21282
##$SFO8= 600.21282
##$TY= (0..123)
0 0 0 0 0 0 0 0 0 0 0 0 0 0 0 0 0 0 0 0 0 0 0 0 0 0 0 0 0 0 0 0 0 0 0 0
0 0 0 0 0 0 0 0 0 0 0 0 0 0 0 0 0 0 0 0 0 0 0 0 0 0 0 0 0 0 0 0 0 0 0 0
0 0 0 0 0 0 0 0 0 0 0 0 0 0 0 0 0 0 0 0 0 0 0 0 0 0 0 0 0 0 0 0 0 0 0 0
0 0 0 0 0 0 0 0 0 0 0 0 0 0 0 0
##END=
